GEM
  remote: https://rubygems.org/
  specs:
    activesupport (3.2.12)
      i18n (~> 0.6)
      multi_json (~> 1.0)
    awesome_print (1.1.0)
    domain_name (0.5.20170404)
      unf (>= 0.0.5, < 1.0.0)
    fakeweb (1.3.0)
    http-cookie (1.0.3)
      domain_name (~> 0.5)
    i18n (0.6.11)
    lite_config (0.0.3)
      activesupport
    mechanize (2.7.0)
      domain_name (~> 0.5, >= 0.5.1)
      http-cookie (~> 1.0.0)
      mime-types (~> 1.17, >= 1.17.2)
      net-http-digest_auth (~> 1.1, >= 1.1.1)
      net-http-persistent (~> 2.5, >= 2.5.2)
      nokogiri (~> 1.4)
      ntlm-http (~> 0.1, >= 0.1.1)
      webrobots (>= 0.0.9, < 0.2)
    mime-types (1.25.1)
    mini_portile (0.6.2)
    multi_json (1.12.1)
    net-http-digest_auth (1.4.1)
    net-http-persistent (2.9.4)
    nokogiri (1.6.6.4-x86-mingw32)
      mini_portile (~> 0.6.0)
    ntlm-http (0.1.1)
    rack (1.6.5)
    rb-readline (0.5.0)
    redis (3.1.0)
    trollop (2.0)
    unf (0.1.4)
      unf_ext
    unf_ext (0.0.7.4-x86-mingw32)
    webrobots (0.1.2)

PLATFORMS
  x86-mingw32

DEPENDENCIES
  activesupport
  awesome_print (= 1.1.0)
  fakeweb (= 1.3.0)
  i18n (>= 0.6.9)
  lite_config (= 0.0.3)
  mechanize (= 2.7)
  nokogiri (<= 1.6.7.rc)
  rack (~> 1.5)
  rb-readline (= 0.5.0)
  redis (= 3.1.0)
  trollop (= 2.0)

BUNDLED WITH
   1.14.6
